GIT
  remote: git://github.com/lyrasis/kiba-extend.git
  revision: f98ee3e0fa5d38244cc6f4ba56da0fa9e4c192e0
  branch: master
  specs:
    kiba-extend (0.1.2)
      activesupport
      kiba (>= 3.0.0)
      kiba-common (>= 0.9.0)
      xxhash

GEM
  remote: https://rubygems.org/
  specs:
    activesupport (6.0.3.2)
      concurrent-ruby (~> 1.0, >= 1.0.2)
      i18n (>= 0.7, < 2)
      minitest (~> 5.1)
      tzinfo (~> 1.1)
      zeitwerk (~> 2.2, >= 2.2.2)
    awesome_print (1.8.0)
    coderay (1.1.3)
    concurrent-ruby (1.1.6)
    facets (3.1.0)
    i18n (1.8.4)
      concurrent-ruby (~> 1.0)
    kiba (3.0.0)
    kiba-common (1.0.0)
      kiba (>= 1.0.0, < 4)
    method_source (1.0.0)
    minitest (5.14.1)
    pry (0.13.1)
      coderay (~> 1.1)
      method_source (~> 1.0)
    thread_safe (0.3.6)
    tzinfo (1.2.7)
      thread_safe (~> 0.1)
    xxhash (0.4.0)
    zeitwerk (2.4.0)

PLATFORMS
  ruby

DEPENDENCIES
  awesome_print
  facets
  kiba
  kiba-common
  kiba-extend (= 0.1.2)!
  pry

BUNDLED WITH
   1.17.3
