GIT
  remote: git://github.com/lyrasis/kiba-extend.git
  revision: 53658cec6c099ef17a89a9915e4a50982522528d
  branch: master
  specs:
    kiba-extend (0.1.0)
      kiba (>= 2.0.0)
      kiba-common (>= 0.9.0)

GEM
  remote: https://rubygems.org/
  specs:
    awesome_print (1.8.0)
    coderay (1.1.2)
    facets (3.1.0)
    kiba (2.0.0)
    kiba-common (0.9.0)
      kiba (>= 1.0.0, < 3)
    method_source (1.0.0)
    pry (0.13.1)
      coderay (~> 1.1)
      method_source (~> 1.0)

PLATFORMS
  ruby

DEPENDENCIES
  awesome_print
  facets
  kiba
  kiba-common
  kiba-extend!
  pry

BUNDLED WITH
   1.17.3
