GIT
  remote: git://github.com/lyrasis/kiba-extend.git
  revision: d7da4b4d0d7ad3ad1304730db8a10b567e6b219f
  branch: master
  specs:
    kiba-extend (0.1.0)
      kiba (>= 2.0.0)
      kiba-common (>= 0.9.0)
      xxhash

GEM
  remote: https://rubygems.org/
  specs:
    awesome_print (1.8.0)
    coderay (1.1.2)
    facets (3.1.0)
    kiba (2.0.0)
    kiba-common (0.9.0)
      kiba (>= 1.0.0, < 3)
    method_source (1.0.0)
    pry (0.13.1)
      coderay (~> 1.1)
      method_source (~> 1.0)
    xxhash (0.4.0)

PLATFORMS
  ruby

DEPENDENCIES
  awesome_print
  facets
  kiba
  kiba-common
  kiba-extend!
  pry

BUNDLED WITH
   1.17.3
